PATH
  remote: .
  specs:
    booker_ruby (4.0.0)
      activesupport (>= 3.0.0)
      httparty (>= 0.14)
      jwt (~> 1.5)
      oj

GEM
  remote: https://rubygems.org/
  specs:
    activesupport (5.2.1.1)
      concurrent-ruby (~> 1.0, >= 1.0.2)
      i18n (>= 0.7, < 2)
      minitest (~> 5.1)
      tzinfo (~> 1.1)
    carmen (1.0.2)
      activesupport (>= 3.0.0)
    concurrent-ruby (1.1.3)
    diff-lcs (1.3)
    httparty (0.18.1)
      mime-types (~> 3.0)
      multi_xml (>= 0.5.2)
    i18n (1.1.1)
      concurrent-ruby (~> 1.0)
    jwt (1.5.6)
    mime-types (3.3.1)
      mime-types-data (~> 3.2015)
    mime-types-data (3.2020.0512)
    minitest (5.11.3)
    multi_xml (0.6.0)
    oj (3.10.7)
    rspec (3.8.0)
      rspec-core (~> 3.8.0)
      rspec-expectations (~> 3.8.0)
      rspec-mocks (~> 3.8.0)
    rspec-core (3.8.0)
      rspec-support (~> 3.8.0)
    rspec-expectations (3.8.2)
      diff-lcs (>= 1.2.0, < 2.0)
      rspec-support (~> 3.8.0)
    rspec-mocks (3.8.0)
      diff-lcs (>= 1.2.0, < 2.0)
      rspec-support (~> 3.8.0)
    rspec-support (3.8.0)
    shoulda-matchers (2.8.0)
      activesupport (>= 3.0.0)
    thread_safe (0.3.6)
    timecop (0.9.1)
    tzinfo (1.2.5)
      thread_safe (~> 0.1)

PLATFORMS
  ruby

DEPENDENCIES
  booker_ruby!
  bundler (>= 1.10)
  carmen (~> 1.0.2)
  rspec (~> 3.0)
  shoulda-matchers (~> 2.8.0)
  timecop (>= 0.7.0)

BUNDLED WITH
   1.17.3
